GEM
  remote: https://rubygems.org/
  specs:
    httpclient (2.3.4.1)
    json (1.7.7)
    multi_json (1.7.9)
    neography (1.1.2)
      httpclient (>= 2.3.3)
      json (>= 1.7.7)
      multi_json (>= 1.3.2)
      os (>= 0.9.6)
      rubyzip (>= 0.9.7)
    os (0.9.6)
    rubyzip (0.9.9)

PLATFORMS
  x86-mingw32

DEPENDENCIES
  json
  neography
