GEM
  remote: https://rubygems.org/
  specs:
    json (1.7.7)

PLATFORMS
  x86-mingw32

DEPENDENCIES
  json
